GEM
  remote: https://rubygems.org/
  specs:
    ast (2.3.0)
    cucumber-core (1.5.0)
      gherkin (~> 4.0)
    erubis (2.7.0)
    foodcritic (9.0.0)
      cucumber-core (>= 1.3)
      erubis
      nokogiri (>= 1.5, < 2.0)
      rake
      rufus-lru (~> 1.0)
      treetop (~> 1.4)
      yajl-ruby (~> 1.1)
    gherkin (4.0.0)
    mini_portile2 (2.1.0)
    nokogiri (1.6.8.1)
      mini_portile2 (~> 2.1.0)
    parser (2.3.3.1)
      ast (~> 2.2)
    polyglot (0.3.5)
    powerpack (0.1.1)
    rainbow (2.2.1)
    rake (12.0.0)
    rubocop (0.46.0)
      parser (>= 2.3.1.1, < 3.0)
      powerpack (~> 0.1)
      rainbow (>= 1.99.1, < 3.0)
      ruby-progressbar (~> 1.7)
      unicode-display_width (~> 1.0, >= 1.0.1)
    ruby-progressbar (1.8.1)
    rufus-lru (1.1.0)
    treetop (1.6.8)
      polyglot (~> 0.3)
    unicode-display_width (1.1.3)
    yajl-ruby (1.3.0)

PLATFORMS
  ruby

DEPENDENCIES
  foodcritic (~> 9.0.0)
  rake (~> 12.0.0)
  rubocop (~> 0.46.0)

BUNDLED WITH
   1.12.5
